GEM
  remote: https://rubygems.org/
  specs:
    json (2.3.0)
    mustermann (1.0.3)
    optimizely (1.2.3)
      json (>= 1.8.3)
    rack (2.2.3)
    rack-protection (2.0.4)
      rack
    sinatra (2.0.4)
      mustermann (~> 1.0)
      rack (~> 2.0)
      rack-protection (= 2.0.4)
      tilt (~> 2.0)
    tilt (2.0.9)

PLATFORMS
  ruby

DEPENDENCIES
  optimizely
  sinatra

BUNDLED WITH
   1.17.2
